GEM
  remote: http://rubygems.org/
  remote: http://gems.github.com/
  specs:
    aasm (2.1.5)
    actionmailer (2.3.11)
      actionpack (= 2.3.11)
    actionpack (2.3.11)
      activesupport (= 2.3.11)
      rack (~> 1.1.0)
    activerecord (2.3.11)
      activesupport (= 2.3.11)
    activeresource (2.3.11)
      activesupport (= 2.3.11)
    activesupport (2.3.11)
    addressable (2.2.6)
    aws-s3 (0.6.2)
      builder
      mime-types
      xml-simple
    builder (3.0.0)
    crack (0.1.6)
    cucumber (0.1.16)
      diff-lcs (>= 1.1.2)
      term-ansicolor (>= 1.0.3)
      treetop (>= 1.2.4)
    diff-lcs (1.1.3)
    factory_girl (1.2.4)
    faker (1.0.0)
      i18n (~> 0.4)
    faraday (0.6.1)
      addressable (~> 2.2.4)
      multipart-post (~> 1.1.0)
      rack (>= 1.1.0, < 2)
    fastercsv (1.5.4)
    geokit (1.6.0)
    haml (3.1.3)
    hashie (0.4.0)
    httparty (0.5.2)
      crack (= 0.1.6)
    i18n (0.6.0)
    json (1.6.1)
    memcached (1.3.2)
    mime-types (1.16)
    money (3.7.1)
      i18n (~> 0.4)
    multi_json (1.0.3)
    multipart-post (1.1.3)
    mysql2 (0.2.7)
    nokogiri (1.4.2)
    oauth (0.4.5)
    oauth2 (0.4.1)
      faraday (~> 0.6.1)
      multi_json (>= 0.0.5)
    polyglot (0.3.2)
    rack (1.1.2)
    rails (2.3.11)
      actionmailer (= 2.3.11)
      actionpack (= 2.3.11)
      activerecord (= 2.3.11)
      activeresource (= 2.3.11)
      activesupport (= 2.3.11)
      rake (>= 0.8.3)
    rails-footnotes (3.6.7)
    rake (0.9.2)
    rspec (1.2.2)
    rspec-rails (1.2.2)
      rack (>= 0.4.0)
      rspec (= 1.2.2)
    slug (0.5.7)
      activerecord
      activesupport
    term-ansicolor (1.0.6)
    treetop (1.4.10)
      polyglot
      polyglot (>= 0.3.1)
    twitter_oauth (0.4.3)
      json (>= 1.1.9)
      mime-types (>= 1.16)
      oauth (>= 0.4.1)
    url_shortener (0.0.7)
      hashie (~> 0.4.0)
      httparty (~> 0.5.0)
    webrat (0.4.4)
      nokogiri (>= 1.2.0)
    will_paginate (2.3.16)
    xml-simple (1.1.0)

PLATFORMS
  ruby

DEPENDENCIES
  aasm (= 2.1.5)
  aws-s3 (>= 0.6.2)
  cucumber (= 0.1.16)
  factory_girl (= 1.2.4)
  faker
  faraday (= 0.6.1)
  fastercsv
  geokit
  haml (>= 2.0.6)
  json
  memcached
  money (>= 2.1.3)
  mysql2 (= 0.2.7)
  nokogiri (= 1.4.2)
  oauth2 (= 0.4.1)
  rails (= 2.3.11)
  rails-footnotes
  rake
  rspec
  rspec-rails (= 1.2.2)
  slug (= 0.5.7)
  twitter_oauth
  url_shortener
  webrat (= 0.4.4)
  will_paginate (= 2.3.16)
